PATH
  remote: .
  specs:
    tinder-ruby (0.1.0)
      dotenv (~> 2.2.1)

GEM
  remote: https://rubygems.org/
  specs:
    coderay (1.1.2)
    dotenv (2.2.1)
    method_source (0.9.0)
    pry (0.11.3)
      coderay (~> 1.1.0)
      method_source (~> 0.9.0)
    rake (10.5.0)

PLATFORMS
  ruby

DEPENDENCIES
  bundler (~> 1.16)
  pry (~> 0.11.3)
  rake (~> 10.0)
  tinder-ruby!

BUNDLED WITH
   1.16.0
